GEM
  remote: https://rubygems.org/
  specs:
    RedCloth (4.2.9)
    coderay (1.1.1)
    gimli (0.5.9)
      RedCloth (~> 4.2.7)
      coderay (~> 1.1)
      github-markup (~> 1.3)
      nokogiri (~> 1.6.3)
      optiflag (~> 0.7)
      redcarpet (~> 3.2)
      wkhtmltopdf-binary (~> 0.9.9.3)
    github-markup (1.4.0)
    handlebars (0.8.0)
      handlebars-source (~> 4.0.5)
      therubyracer (~> 0.12.1)
    handlebars-source (4.0.5)
    libv8 (3.16.14.15)
    mini_portile2 (2.0.0)
    nokogiri (1.6.7.2)
      mini_portile2 (~> 2.0.0.rc2)
    optiflag (0.7)
    pdf-core (0.6.1)
    prawn (2.1.0)
      pdf-core (~> 0.6.1)
      ttfunk (~> 1.4.0)
    rake (13.0.1)
    redcarpet (3.3.4)
    ref (2.0.0)
    therubyracer (0.12.2)
      libv8 (~> 3.16.14.0)
      ref
    ttfunk (1.4.0)
    wkhtmltopdf-binary (0.9.9.3)

PLATFORMS
  ruby

DEPENDENCIES
  gimli
  handlebars
  prawn
  rake (>= 12.3.3)

BUNDLED WITH
   1.17.3
